GEM
  remote: https://rubygems.org/
  specs:
    faraday (2.7.5)
      faraday-net_http (>= 2.0, < 3.1)
      ruby2_keywords (>= 0.0.4)
    faraday-multipart (1.0.4)
      multipart-post (~> 2)
    faraday-net_http (3.0.2)
    multipart-post (2.3.0)
    rack (3.0.7)
    rackup (2.1.0)
      rack (>= 3)
      webrick (~> 1.8)
    ruby-openai (4.1.0)
      faraday (>= 1)
      faraday-multipart (>= 1)
    ruby2_keywords (0.0.5)
    webrick (1.8.1)

PLATFORMS
  x86_64-linux

DEPENDENCIES
  rackup (~> 2.1)
  ruby-openai (~> 4.1)

BUNDLED WITH
   2.3.26
